GEM
  remote: https://rubygems.org/
  specs:
    activemodel (4.2.5.1)
      activesupport (= 4.2.5.1)
      builder (~> 3.1)
    activesupport (4.2.5.1)
      i18n (~> 0.7)
      json (~> 1.7, >= 1.7.7)
      minitest (~> 5.1)
      thread_safe (~> 0.3, >= 0.3.4)
      tzinfo (~> 1.1)
    addressable (2.4.0)
    aws-sdk (2.2.14)
      aws-sdk-resources (= 2.2.14)
    aws-sdk-core (2.2.14)
      jmespath (~> 1.0)
    aws-sdk-resources (2.2.14)
      aws-sdk-core (= 2.2.14)
    axiom-types (0.1.1)
      descendants_tracker (~> 0.0.4)
      ice_nine (~> 0.11.0)
      thread_safe (~> 0.3, >= 0.3.1)
    builder (3.2.2)
    coderay (1.1.1)
    coercible (1.0.0)
      descendants_tracker (~> 0.0.1)
    concurrent-ruby (1.0.0)
    connection_pool (2.2.0)
    descendants_tracker (0.0.4)
      thread_safe (~> 0.3, >= 0.3.1)
    diff-lcs (1.2.5)
    domain_name (0.5.20160128)
      unf (>= 0.0.5, < 1.0.0)
    dotenv (2.1.0)
    elasticsearch (1.0.15)
      elasticsearch-api (= 1.0.15)
      elasticsearch-transport (= 1.0.15)
    elasticsearch-api (1.0.15)
      multi_json
    elasticsearch-transport (1.0.15)
      faraday
      multi_json
    equalizer (0.0.11)
    faraday (0.9.2)
      multipart-post (>= 1.2, < 3)
    grape (0.14.0)
      activesupport
      builder
      hashie (>= 2.1.0)
      multi_json (>= 1.3.2)
      multi_xml (>= 0.5.2)
      rack (>= 1.3.0)
      rack-accept
      rack-mount
      virtus (>= 1.0.0)
    hashie (3.4.3)
    http-cookie (1.0.2)
      domain_name (~> 0.5)
    httparty (0.13.7)
      json (~> 1.8)
      multi_xml (>= 0.5.2)
    i18n (0.7.0)
    ice_nine (0.11.2)
    jmespath (1.1.3)
    json (1.8.3)
    mail (2.6.4)
      mime-types (>= 1.16, < 4)
    method_source (0.8.2)
    mime-types (2.99)
    mini_portile2 (2.0.0)
    minitest (5.8.4)
    multi_json (1.11.2)
    multi_xml (0.5.5)
    multipart-post (2.0.0)
    netrc (0.11.0)
    nokogiri (1.6.7.2)
      mini_portile2 (~> 2.0.0.rc2)
    oauth (0.4.7)
    predictionio (0.9.6)
      json (~> 1.8)
    pry (0.10.3)
      coderay (~> 1.1.0)
      method_source (~> 0.8.1)
      slop (~> 3.4)
    puma (3.4.0)
    rack (1.6.4)
    rack-accept (0.4.5)
      rack (>= 0.4)
    rack-cors (0.4.0)
    rack-mount (0.8.3)
      rack (>= 1.0.0)
    rack-protection (1.5.3)
      rack
    redis (3.2.2)
    rest-client (1.8.0)
      http-cookie (>= 1.0.2, < 2.0)
      mime-types (>= 1.16, < 3.0)
      netrc (~> 0.7)
    rspec (3.4.0)
      rspec-core (~> 3.4.0)
      rspec-expectations (~> 3.4.0)
      rspec-mocks (~> 3.4.0)
    rspec-core (3.4.4)
      rspec-support (~> 3.4.0)
    rspec-expectations (3.4.0)
      diff-lcs (>= 1.2.0, < 2.0)
      rspec-support (~> 3.4.0)
    rspec-mocks (3.4.1)
      diff-lcs (>= 1.2.0, < 2.0)
      rspec-support (~> 3.4.0)
    rspec-support (3.4.1)
    ruby-trello (1.4.1)
      activemodel (>= 3.2.0)
      addressable (~> 2.3)
      json
      oauth (~> 0.4.5)
      rest-client (~> 1.8.0)
    shotgun (0.9.1)
      rack (>= 1.0)
    sidekiq (4.1.0)
      concurrent-ruby (~> 1.0)
      connection_pool (~> 2.2, >= 2.2.0)
      redis (~> 3.2, >= 3.2.1)
    sinatra (1.4.7)
      rack (~> 1.5)
      rack-protection (~> 1.4)
      tilt (>= 1.3, < 3)
    slop (3.6.0)
    thread_safe (0.3.5)
    tilt (2.0.2)
    tzinfo (1.2.2)
      thread_safe (~> 0.1)
    unf (0.1.4)
      unf_ext
    unf_ext (0.0.7.1)
    virtus (1.0.5)
      axiom-types (~> 0.1)
      coercible (~> 1.0)
      descendants_tracker (~> 0.0, >= 0.0.3)
      equalizer (~> 0.0, >= 0.0.9)

PLATFORMS
  ruby

DEPENDENCIES
  aws-sdk (~> 2)
  dotenv
  elasticsearch
  grape
  httparty
  mail
  nokogiri
  predictionio
  pry
  puma
  rack-cors
  rspec
  ruby-trello (~> 1.4.1)
  shotgun
  sidekiq
  sinatra

RUBY VERSION
   ruby 2.2.0p0

BUNDLED WITH
   1.12.3
